GEM
  remote: https://rubygems.org/
  specs:
    addressable (2.8.0)
      public_suffix (>= 2.0.2, < 5.0)
    bcrypt (3.1.17)
    capybara (3.36.0)
      addressable
      matrix
      mini_mime (>= 0.1.3)
      nokogiri (~> 1.8)
      rack (>= 1.6.0)
      rack-test (>= 0.6.3)
      regexp_parser (>= 1.5, < 3.0)
      xpath (~> 3.2)
    erubi (1.10.0)
    ffi (1.15.5)
    matrix (0.4.2)
    mini_mime (1.1.2)
    minitest (5.15.0)
    minitest-global_expectations (1.0.1)
      minitest (> 5)
    minitest-hooks (1.5.0)
      minitest (> 5.3)
    nio4r (2.5.8)
    nokogiri (1.13.5-x86_64-linux)
      racc (~> 1.4)
    pg (1.3.5)
    public_suffix (4.0.7)
    puma (5.6.4)
      nio4r (~> 2.0)
    racc (1.6.0)
    rack (2.2.3)
    rack-test (1.1.0)
      rack (>= 1.0, < 3)
    rack-unreloader (1.8.0)
    rake (13.0.6)
    refrigerator (1.4.1)
    regexp_parser (2.3.1)
    roda (3.55.0)
      rack
    rodauth (2.23.0)
      roda (>= 2.6.0)
      sequel (>= 4)
    rodauth-oauth (0.9.1)
      rodauth (~> 2.0)
    sassc (2.4.0)
      ffi (~> 1.9)
    sequel (5.56.0)
    sequel-annotate (1.7.0)
      sequel (>= 4)
    sequel_pg (1.15.0)
      pg (>= 0.18.0, != 1.2.0)
      sequel (>= 4.38.0)
    tilt (2.0.10)
    xpath (3.2.0)
      nokogiri (~> 1.8)

PLATFORMS
  x86_64-linux

DEPENDENCIES
  bcrypt
  capybara
  erubi (>= 1.5)
  minitest (>= 5.7.0)
  minitest-global_expectations
  minitest-hooks (>= 1.1.0)
  puma
  rack-unreloader (>= 1.8)
  rake
  refrigerator (>= 1)
  roda (>= 3.50)
  rodauth
  rodauth-oauth (>= 0.9.1)
  sassc (>= 2)
  sequel (>= 5)
  sequel-annotate
  sequel_pg (>= 1.8)
  tilt (>= 2.0.9)

RUBY VERSION
   ruby 3.1.1p18

BUNDLED WITH
   2.3.11
